GEM
  remote: http://rubygems.org/
  specs:
    mustermann (1.1.1)
      ruby2_keywords (~> 0.0.1)
    rack (2.2.3)
    rack-protection (2.1.0)
      rack
    ruby-ole (1.2.12.2)
    ruby2_keywords (0.0.5)
    sinatra (2.1.0)
      mustermann (~> 1.0)
      rack (~> 2.2)
      rack-protection (= 2.1.0)
      tilt (~> 2.0)
    spreadsheet (1.3.0)
      ruby-ole
    tilt (2.0.10)

PLATFORMS
  x86_64-linux

DEPENDENCIES
  sinatra
  spreadsheet

BUNDLED WITH
   2.3.5
